GEM
  remote: https://rubygems.org/
  specs:
    mqtt (0.6.0)
    tty-cursor (0.7.1)
    tty-reader (0.9.0)
      tty-cursor (~> 0.7)
      tty-screen (~> 0.8)
      wisper (~> 2.0)
    tty-screen (0.8.1)
    wisper (2.0.1)

PLATFORMS
  arm-linux-androideabi
  arm64-darwin-21
  arm64-darwin-22
  universal-java-17
  universal-java-20

DEPENDENCIES
  mqtt (~> 0.6.0)
  tty-reader (~> 0.9.0)

BUNDLED WITH
   2.4.6
