GEM
  remote: https://rubygems.org/
  specs:
    mqtt (0.6.0)

PLATFORMS
  arm64-darwin-21
  arm64-darwin-22

DEPENDENCIES
  mqtt (~> 0.6.0)

BUNDLED WITH
   2.4.6
